PATH
  remote: .
  specs:
    tldextract (0.1.1)
      addressable (~> 2.8)
      httparty (~> 0.21.0)

GEM
  remote: https://rubygems.org/
  specs:
    actioncable (5.1.7)
      actionpack (= 5.1.7)
      nio4r (~> 2.0)
      websocket-driver (~> 0.6.1)
    actionmailer (5.1.7)
      actionpack (= 5.1.7)
      actionview (= 5.1.7)
      activejob (= 5.1.7)
      mail (~> 2.5, >= 2.5.4)
      rails-dom-testing (~> 2.0)
    actionpack (5.1.7)
      actionview (= 5.1.7)
      activesupport (= 5.1.7)
      rack (~> 2.0)
      rack-test (>= 0.6.3)
      rails-dom-testing (~> 2.0)
      rails-html-sanitizer (~> 1.0, >= 1.0.2)
    actionview (5.1.7)
      activesupport (= 5.1.7)
      builder (~> 3.1)
      erubi (~> 1.4)
      rails-dom-testing (~> 2.0)
      rails-html-sanitizer (~> 1.0, >= 1.0.3)
    activejob (5.1.7)
      activesupport (= 5.1.7)
      globalid (>= 0.3.6)
    activemodel (5.1.7)
      activesupport (= 5.1.7)
    activerecord (5.1.7)
      activemodel (= 5.1.7)
      activesupport (= 5.1.7)
      arel (~> 8.0)
    activesupport (5.1.7)
      concurrent-ruby (~> 1.0, >= 1.0.2)
      i18n (>= 0.7, < 2)
      minitest (~> 5.1)
      tzinfo (~> 1.1)
    addressable (2.8.7)
      public_suffix (>= 2.0.2, < 7.0)
    arel (8.0.0)
    axlsx (2.1.0.pre)
      htmlentities (~> 4.3.1)
      nokogiri (>= 1.4.1)
      rubyzip (~> 1.1.7)
    axlsx_rails (0.5.2)
      actionpack (>= 3.1)
      axlsx (>= 2.0.1)
    bigdecimal (3.1.8)
    builder (3.3.0)
    byebug (11.1.3)
    concurrent-ruby (1.3.4)
    crack (1.0.0)
      bigdecimal
      rexml
    crass (1.0.6)
    date (3.4.1)
    diff-lcs (1.5.1)
    erubi (1.13.1)
    globalid (1.1.0)
      activesupport (>= 5.0)
    hashdiff (1.1.2)
    htmlentities (4.3.4)
    httparty (0.21.0)
      mini_mime (>= 1.0.0)
      multi_xml (>= 0.5.2)
    i18n (1.14.6)
      concurrent-ruby (~> 1.0)
    json (2.6.3)
    loofah (2.23.1)
      crass (~> 1.0.2)
      nokogiri (>= 1.12.0)
    mail (2.8.1)
      mini_mime (>= 0.1.1)
      net-imap
      net-pop
      net-smtp
    method_source (1.1.0)
    mini_mime (1.1.5)
    minitest (5.25.4)
    multi_xml (0.6.0)
    net-imap (0.3.7)
      date
      net-protocol
    net-pop (0.1.2)
      net-protocol
    net-protocol (0.2.2)
      timeout
    net-smtp (0.5.0)
      net-protocol
    nio4r (2.7.4)
    nokogiri (1.13.10-arm64-darwin)
      racc (~> 1.4)
    public_suffix (5.1.1)
    racc (1.8.1)
    rack (2.2.10)
    rack-test (2.1.0)
      rack (>= 1.3)
    rails (5.1.7)
      actioncable (= 5.1.7)
      actionmailer (= 5.1.7)
      actionpack (= 5.1.7)
      actionview (= 5.1.7)
      activejob (= 5.1.7)
      activemodel (= 5.1.7)
      activerecord (= 5.1.7)
      activesupport (= 5.1.7)
      bundler (>= 1.3.0)
      railties (= 5.1.7)
      sprockets-rails (>= 2.0.0)
    rails-dom-testing (2.2.0)
      activesupport (>= 5.0.0)
      minitest
      nokogiri (>= 1.6)
    rails-html-sanitizer (1.5.0)
      loofah (~> 2.19, >= 2.19.1)
    railties (5.1.7)
      actionpack (= 5.1.7)
      activesupport (= 5.1.7)
      method_source
      rake (>= 0.8.7)
      thor (>= 0.18.1, < 2.0)
    rake (13.2.1)
    rexml (3.4.0)
    roo (2.7.1)
      nokogiri (~> 1)
      rubyzip (~> 1.1, < 2.0.0)
    roo-xls (1.2.0)
      nokogiri
      roo (>= 2.0.0, < 3)
      spreadsheet (> 0.9.0)
    rspec (3.13.0)
      rspec-core (~> 3.13.0)
      rspec-expectations (~> 3.13.0)
      rspec-mocks (~> 3.13.0)
    rspec-core (3.13.2)
      rspec-support (~> 3.13.0)
    rspec-expectations (3.13.3)
      diff-lcs (>= 1.2.0, < 2.0)
      rspec-support (~> 3.13.0)
    rspec-mocks (3.13.2)
      diff-lcs (>= 1.2.0, < 2.0)
      rspec-support (~> 3.13.0)
    rspec-support (3.13.2)
    ruby-ole (1.2.12.2)
    rubyzip (1.1.7)
    spreadsheet (1.3.0)
      ruby-ole
    sprockets (4.2.1)
      concurrent-ruby (~> 1.0)
      rack (>= 2.2.4, < 4)
    sprockets-rails (3.2.2)
      actionpack (>= 4.0)
      activesupport (>= 4.0)
      sprockets (>= 3.0.0)
    thor (1.3.2)
    thread_safe (0.3.6)
    timeout (0.4.3)
    tzinfo (1.2.11)
      thread_safe (~> 0.1)
    vcr (6.1.0)
    webmock (3.24.0)
      addressable (>= 2.8.0)
      crack (>= 0.3.2)
      hashdiff (>= 0.4.0, < 2.0.0)
    websocket-driver (0.6.5)
      websocket-extensions (>= 0.1.0)
    websocket-extensions (0.1.5)

PLATFORMS
  arm64-darwin-22

DEPENDENCIES
  axlsx (= 2.1.0.pre)
  axlsx_rails
  bundler (~> 2.0)
  byebug
  json (~> 2.6.3)
  net-imap
  net-pop
  net-smtp
  rails (~> 5.1.7)
  rake (~> 13.0)
  roo (~> 2.7)
  roo-xls
  rspec (~> 3.0)
  tldextract!
  vcr (~> 6.1)
  webmock (~> 3.18)

BUNDLED WITH
   2.2.3
